PATH
  remote: .
  specs:
    has_scope (0.5.1)
      actionpack (>= 3.2.0)
      activesupport (>= 3.2.0)

GEM
  remote: https://rubygems.org/
  specs:
    actionpack (4.0.0.beta1)
      activesupport (= 4.0.0.beta1)
      builder (~> 3.1.0)
      erubis (~> 2.7.0)
      rack (~> 1.5.2)
      rack-test (~> 0.6.2)
    activesupport (4.0.0.beta1)
      i18n (~> 0.6)
      minitest (~> 4.2)
      multi_json (~> 1.3)
      thread_safe (~> 0.1)
      tzinfo (~> 0.3.33)
    atomic (1.0.1)
    builder (3.1.4)
    erubis (2.7.0)
    i18n (0.6.4)
    metaclass (0.0.1)
    minitest (4.6.2)
    mocha (0.13.2)
      metaclass (~> 0.0.1)
    multi_json (1.6.1)
    rack (1.5.2)
    rack-test (0.6.2)
      rack (>= 1.0)
    rake (10.0.3)
    thread_safe (0.1.0)
      atomic
    tzinfo (0.3.35)

PLATFORMS
  ruby

DEPENDENCIES
  actionpack (~> 4.0.0.beta1)
  activesupport (~> 4.0.0.beta1)
  has_scope!
  mocha (~> 0.13.2)
  rake
